PATH
  remote: .
  specs:
    versacommerce_api (1.0.1)
      activeresource (>= 3.0.0)
      thor (>= 0.14.4)

GEM
  remote: https://rubygems.org/
  specs:
    activemodel (4.0.0)
      activesupport (= 4.0.0)
      builder (~> 3.1.0)
    activeresource (4.0.0)
      activemodel (~> 4.0)
      activesupport (~> 4.0)
      rails-observers (~> 0.1.1)
    activesupport (4.0.0)
      i18n (~> 0.6, >= 0.6.4)
      minitest (~> 4.2)
      multi_json (~> 1.3)
      thread_safe (~> 0.1)
      tzinfo (~> 0.3.37)
    atomic (1.1.14)
    builder (3.1.4)
    diff-lcs (1.2.4)
    fakeweb (1.3.0)
    i18n (0.6.5)
    metaclass (0.0.1)
    minitest (4.7.5)
    mocha (0.14.0)
      metaclass (~> 0.0.1)
    multi_json (1.8.0)
    rails-observers (0.1.2)
      activemodel (~> 4.0)
    rake (10.1.0)
    rspec (2.14.1)
      rspec-core (~> 2.14.0)
      rspec-expectations (~> 2.14.0)
      rspec-mocks (~> 2.14.0)
    rspec-core (2.14.5)
    rspec-expectations (2.14.3)
      diff-lcs (>= 1.1.3, < 2.0)
    rspec-mocks (2.14.3)
    thor (0.18.1)
    thread_safe (0.1.3)
      atomic
    tzinfo (0.3.37)

PLATFORMS
  ruby

DEPENDENCIES
  bundler (~> 1.3)
  fakeweb
  mocha (>= 0.9.8)
  rake
  rspec
  versacommerce_api!
